PATH
  remote: .
  specs:
    simple_encrypt (0.1.0)

GEM
  remote: https://rubygems.org/
  specs:
    rake (13.0.3)

PLATFORMS
  x86_64-linux

DEPENDENCIES
  rake (~> 13.0)
  simple_encrypt!

BUNDLED WITH
   2.2.7
